GEM
  remote: https://rubygems.org/
  specs:
    archive-zip (0.12.0)
      io-like (~> 0.3.0)
    childprocess (0.9.0)
      ffi (~> 1.0, >= 1.0.11)
    ffi (1.9.25)
    geckodriver-helper (0.23.0)
      archive-zip (~> 0.7)
    headless (2.3.1)
    io-like (0.3.0)
    regexp_parser (1.3.0)
    rubyzip (1.2.2)
    selenium-webdriver (3.141.0)
      childprocess (~> 0.5)
      rubyzip (~> 1.2, >= 1.2.2)
    watir (6.16.5)
      regexp_parser (~> 1.2)
      selenium-webdriver (~> 3.6)

PLATFORMS
  ruby

DEPENDENCIES
  geckodriver-helper
  headless (= 2.3.1)
  selenium-webdriver (= 3.141.0)
  watir (= 6.16.5)

BUNDLED WITH
   1.16.5
